GIT
  remote: http://github.com/sanger/lims-core.git
  revision: 9a8d14dbb596543818691e12d1a9f5714de552ea
  branch: master
  specs:
    lims-core (1.5.1)
      active_support
      aequitas
      bunny (~> 0.8.0)
      facets (= 2.9.3)
      sequel
      state_machine
      uuid
      virtus (= 0.2.0)

GIT
  remote: http://github.com/sanger/psd_logger.git
  revision: dd2d634114df75b1d8535715c169a7fc99521389
  specs:
    psd_logger (0.1.6)

PATH
  remote: .
  specs:
    lims-warehousebuilder (0.2.0)
      aequitas
      amqp
      facets
      mysql2
      sequel
      virtus

GEM
  remote: http://www.rubygems.org/
  specs:
    active_support (3.0.0)
      activesupport (= 3.0.0)
    activesupport (3.0.0)
    aequitas (0.0.2)
    amq-client (1.0.0)
      amq-protocol (>= 1.2.0)
      eventmachine
    amq-protocol (1.3.0)
    amqp (1.0.1)
      amq-client (~> 1.0.0)
      amq-protocol (>= 1.3.0)
      eventmachine
    bond (0.4.3)
    bunny (0.8.0)
    columnize (0.3.6)
    debugger (1.5.0)
      columnize (>= 0.3.1)
      debugger-linecache (~> 1.2.0)
      debugger-ruby_core_source (~> 1.2.0)
    debugger-completion (1.0.0)
      bond (>= 0.4.2)
      debugger (~> 1.1)
    debugger-linecache (1.2.0)
    debugger-ruby_core_source (1.2.0)
    diff-lcs (1.1.3)
    eventmachine (1.0.3)
    facets (2.9.3)
    macaddr (1.6.1)
      systemu (~> 2.5.0)
    mysql2 (0.3.11)
    rack (1.5.2)
    rake (10.0.4)
    rspec (2.8.0)
      rspec-core (~> 2.8.0)
      rspec-expectations (~> 2.8.0)
      rspec-mocks (~> 2.8.0)
    rspec-core (2.8.0)
    rspec-expectations (2.8.0)
      diff-lcs (~> 1.1.2)
    rspec-mocks (2.8.0)
    sequel (3.46.0)
    shotgun (0.9)
      rack (>= 1.0)
    state_machine (1.2.0)
    systemu (2.5.2)
    uuid (2.3.7)
      macaddr (~> 1.0)
    virtus (0.2.0)
    yard (0.8.6.1)
    yard-rspec (0.1)
      yard

PLATFORMS
  ruby

DEPENDENCIES
  debugger
  debugger-completion
  lims-core (~> 1.5.1)!
  lims-warehousebuilder!
  psd_logger!
  rake
  rspec (~> 2.8.0)
  shotgun
  yard (>= 0.7.0)
  yard-rspec (= 0.1)
