GIT
  remote: http://github.com/sanger/lims-exception-notifier-app.git
  revision: 360dda5975b21a7b5bea1575ed5de176ad9ba8fb
  branch: master
  specs:
    lims-exception-notifier-app (0.1.3)
      mustache (~> 0.99.4)

GIT
  remote: http://github.com/sanger/psd_logger.git
  revision: dd2d634114df75b1d8535715c169a7fc99521389
  specs:
    psd_logger (0.1.6)

GIT
  remote: https://github.com/sanger/lims-busclient.git
  revision: 0da129dbd07a064e62e44c7d8a8fdc98131b92ce
  branch: master
  specs:
    lims-busclient (0.4.1)
      aequitas
      amqp
      facets
      virtus

PATH
  remote: .
  specs:
    lims-warehousebuilder (1.1.0)
      aequitas
      amqp
      facets
      mysql2
      rake
      sequel
      virtus

GEM
  remote: http://www.rubygems.org/
  specs:
    aequitas (0.0.2)
    amq-protocol (1.9.0)
    amqp (1.1.2)
      amq-protocol (>= 1.9.0)
      eventmachine
    axiom-types (0.0.5)
      descendants_tracker (~> 0.0.1)
      ice_nine (~> 0.9)
    backports (3.3.5)
    bond (0.4.3)
    coercible (0.2.0)
      backports (~> 3.0, >= 3.1.0)
      descendants_tracker (~> 0.0.1)
    columnize (0.3.6)
    debugger (1.6.1)
      columnize (>= 0.3.1)
      debugger-linecache (~> 1.2.0)
      debugger-ruby_core_source (~> 1.2.3)
    debugger-completion (1.0.0)
      bond (>= 0.4.2)
      debugger (~> 1.1)
    debugger-linecache (1.2.0)
    debugger-ruby_core_source (1.2.3)
    descendants_tracker (0.0.3)
    diff-lcs (1.1.3)
    equalizer (0.0.7)
    eventmachine (1.0.3)
    facets (2.9.3)
    ice_nine (0.10.0)
    mustache (0.99.5)
    mysql2 (0.3.14)
    rack (1.5.2)
    rake (10.1.0)
    rspec (2.8.0)
      rspec-core (~> 2.8.0)
      rspec-expectations (~> 2.8.0)
      rspec-mocks (~> 2.8.0)
    rspec-core (2.8.0)
    rspec-expectations (2.8.0)
      diff-lcs (~> 1.1.2)
    rspec-mocks (2.8.0)
    sequel (4.5.0)
    shotgun (0.9)
      rack (>= 1.0)
    timecop (0.6.3)
    virtus (1.0.0)
      axiom-types (~> 0.0.5)
      coercible (~> 0.2)
      descendants_tracker (~> 0.0.1)
      equalizer (~> 0.0.7)
    yard (0.8.7)
    yard-rspec (0.1)
      yard

PLATFORMS
  ruby

DEPENDENCIES
  debugger
  debugger-completion
  lims-busclient (~> 0.4.1)!
  lims-exception-notifier-app (~> 0.1)!
  lims-warehousebuilder!
  psd_logger!
  rspec (~> 2.8.0)
  shotgun
  timecop
  yard (>= 0.7.0)
  yard-rspec (= 0.1)
